PATH
  remote: .
  specs:
    compact_index (0.14.0)

GEM
  remote: https://rubygems.org/
  specs:
    ast (2.4.2)
    diff-lcs (1.5.0)
    jaro_winkler (1.5.4)
    parallel (1.23.0)
    parser (3.2.2.1)
      ast (~> 2.4.1)
    powerpack (0.1.3)
    rainbow (3.1.1)
    rake (13.0.6)
    redcarpet (3.6.0)
    rspec (3.12.0)
      rspec-core (~> 3.12.0)
      rspec-expectations (~> 3.12.0)
      rspec-mocks (~> 3.12.0)
    rspec-core (3.12.2)
      rspec-support (~> 3.12.0)
    rspec-expectations (3.12.3)
      diff-lcs (>= 1.2.0, < 2.0)
      rspec-support (~> 3.12.0)
    rspec-mocks (3.12.5)
      diff-lcs (>= 1.2.0, < 2.0)
      rspec-support (~> 3.12.0)
    rspec-support (3.12.0)
    rubocop (0.59.2)
      jaro_winkler (~> 1.5.1)
      parallel (~> 1.10)
      parser (>= 2.5, != 2.5.1.1)
      powerpack (~> 0.1)
      rainbow (>= 2.2.2, < 4.0)
      ruby-progressbar (~> 1.7)
      unicode-display_width (~> 1.0, >= 1.0.1)
    ruby-progressbar (1.13.0)
    unicode-display_width (1.8.0)
    yard (0.9.34)

PLATFORMS
  ruby

DEPENDENCIES
  compact_index!
  rake (~> 13.0)
  redcarpet (~> 3.5)
  rspec (~> 3)
  rubocop (~> 0.49, <= 0.60)
  yard (~> 0.9)

BUNDLED WITH
   2.4.12
